GEM
  remote: https://rubygems.org/
  specs:
    httpi (2.0.2)
      rack
    rack (1.5.2)

PLATFORMS
  ruby

DEPENDENCIES
  httpi
